PATH
  remote: .
  specs:
    himekuri_rs (1.0.0.1)

GEM
  remote: https://rubygems.org/
  specs:
    ffi (1.14.2)

PLATFORMS
  x86_64-darwin-20

DEPENDENCIES
  ffi
  himekuri_rs!

BUNDLED WITH
   2.2.8
