PATH
  remote: .
  specs:
    himekuri_rs (1.0.3)

GEM
  remote: https://rubygems.org/
  specs:
    debase (0.2.4.1)
      debase-ruby_core_source (>= 0.10.2)
    debase-ruby_core_source (0.10.12)
    ffi (1.14.2)
    rake (13.0.3)
    ruby-debug-ide (0.7.2)
      rake (>= 0.8.1)
    tanraku (1.0.0)

PLATFORMS
  x86_64-darwin-20

DEPENDENCIES
  debase
  ffi
  himekuri_rs!
  ruby-debug-ide
  tanraku

BUNDLED WITH
   2.2.8
