PATH
  remote: .
  specs:
    himekuri_rs (1.0.4)

GEM
  remote: https://rubygems.org/
  specs:
    ffi (1.15.5)
    ffi (1.15.5-x64-mingw-ucrt)
    rake (13.0.6)
    ruby-debug-ide (0.7.3)
      rake (>= 0.8.1)
    tanraku (1.0.0)

PLATFORMS
  x64-mingw-ucrt
  x86_64-darwin-20

DEPENDENCIES
  ffi
  himekuri_rs!
  ruby-debug-ide
  tanraku

BUNDLED WITH
   2.3.7
